ObjectType = Image
NDims = 3
BinaryData = True
BinaryDataByteOrderMSB = False
CompressedData = True
CompressedDataSize = 786295
TransformMatrix = 1 0 0 0 1 0 0 0 1
Offset = 0 0 0
CenterOfRotation = 0 0 0
ElementSpacing = 0.50293 0.50293 0.50293
DimSize = 117 200 99
AnatomicalOrientation = ???
ElementType = MET_UCHAR
ElementDataFile = Mama5x1.raw
