ObjectType = Image
NDims = 3
BinaryData = True
BinaryDataByteOrderMSB = False
CompressedData = True
CompressedDataSize = 103166
TransformMatrix = 1 0 0 0 1 0 0 0 1
Offset = 0 0 0
CenterOfRotation = 0 0 0
ElementSpacing = 1.00586 1.00586 1.00586
DimSize = 58 100 49
AnatomicalOrientation = ???
ElementType = MET_UCHAR
ElementDataFile = Mama10x1.raw
